PATH
  remote: .
  specs:
    reference_tracking (0.0.4)

GEM
  remote: http://rubygems.org/
  specs:
    mocha (0.9.8)
      rake
    rake (0.8.7)
    test_declarative (0.0.4)

PLATFORMS
  ruby

DEPENDENCIES
  mocha
  reference_tracking!
  test_declarative
