PATH
  remote: .
  specs:
    reference_tracking (0.0.4)
      activesupport

GEM
  remote: http://rubygems.org/
  specs:
    activesupport (3.0.3)
    mocha (0.9.8)
      rake
    rake (0.8.7)
    test_declarative (0.0.4)

PLATFORMS
  ruby

DEPENDENCIES
  activesupport
  mocha
  reference_tracking!
  test_declarative

METADATA
  version: 1.0.6
